GEM
  remote: https://rubygems.org/
  specs:
    date (3.3.3)
    faraday (2.7.4)
      faraday-net_http (>= 2.0, < 3.1)
      ruby2_keywords (>= 0.0.4)
    faraday-net_http (3.0.2)
    jwt (2.6.0)
    mini_portile2 (2.8.1)
    nokogiri (1.14.1)
      mini_portile2 (~> 2.8.0)
      racc (~> 1.4)
    nokogiri (1.14.1-x86_64-linux)
      racc (~> 1.4)
    open-uri (0.3.0)
      stringio
      time
      uri
    racc (1.6.2)
    ruby2_keywords (0.0.5)
    stringio (3.0.5)
    time (0.2.1)
      date
    twilio-ruby (5.74.2)
      faraday (>= 0.9, < 3.0)
      jwt (>= 1.5, <= 2.6)
      nokogiri (>= 1.6, < 2.0)
    uri (0.12.0)

PLATFORMS
  ruby
  x86_64-linux

DEPENDENCIES
  date
  nokogiri
  open-uri
  racc
  twilio-ruby

BUNDLED WITH
   2.4.6
